PATH
  remote: .
  specs:
    historian (0.0.1)
      project_scout (>= 0.0.2)
      thor

GEM
  remote: http://rubygems.org/
  specs:
    ZenTest (4.4.2)
    autotest (4.4.6)
      ZenTest (>= 4.4.1)
    diff-lcs (1.1.2)
    project_scout (0.0.2)
    rspec (2.3.0)
      rspec-core (~> 2.3.0)
      rspec-expectations (~> 2.3.0)
      rspec-mocks (~> 2.3.0)
    rspec-core (2.3.1)
    rspec-expectations (2.3.0)
      diff-lcs (~> 1.1.2)
    rspec-mocks (2.3.0)
    thor (0.14.3)

PLATFORMS
  ruby

DEPENDENCIES
  autotest
  bundler
  historian!
  project_scout (>= 0.0.2)
  rspec (~> 2.3.0)
  thor
